GEM
  remote: https://rubygems.org/
  specs:
    builder (3.2.4)
    feedbag (0.10.1)
      nokogiri (~> 1.8, >= 1.8.2)
      open_uri_redirections (~> 0.2)
    mini_portile2 (2.8.6)
    nokogiri (1.15.6)
      mini_portile2 (~> 2.8.2)
      racc (~> 1.4)
    open_uri_redirections (0.2.1)
    racc (1.8.0)

PLATFORMS
  ruby

DEPENDENCIES
  builder
  feedbag
  nokogiri

BUNDLED WITH
   2.1.4
